GEM
  remote: https://rubygems.org/
  specs:
    heroku-deflater (0.3.0)
      rack (>= 1.4.2)
    rack (1.5.2)

PLATFORMS
  ruby

DEPENDENCIES
  heroku-deflater
  rack
